PATH
  remote: .
  specs:
    rspec_table_formatter (0.1.14)
      terminal-table (~> 3.0.2)

GEM
  remote: https://rubygems.org/
  specs:
    minitest (5.15.0)
    rake (12.3.3)
    rspec-core (3.10.1)
      rspec-support (~> 3.10.0)
    rspec-support (3.10.3)
    terminal-table (3.0.2)
      unicode-display_width (>= 1.1.1, < 3)
    unicode-display_width (2.1.0)

PLATFORMS
  ruby

DEPENDENCIES
  minitest (~> 5.0)
  rake (~> 12.0)
  rspec-core
  rspec_table_formatter!
  terminal-table

BUNDLED WITH
   2.1.4
